GEM
  remote: https://rubygems.org/
  specs:
    daemons (1.2.2)
    eventmachine (1.0.7)
    pg (1.2.3)
    rack (1.6.0)
    rack-protection (1.5.3)
      rack
    sinatra (1.4.6)
      rack (~> 1.4)
      rack-protection (~> 1.4)
      tilt (>= 1.3, < 3)
    thin (1.6.3)
      daemons (~> 1.0, >= 1.0.9)
      eventmachine (~> 1.0)
      rack (~> 1.0)
    tilt (2.0.1)

PLATFORMS
  ruby

DEPENDENCIES
  pg
  sinatra (~> 1.4.4)
  thin

RUBY VERSION
   ruby 2.7.3p183

BUNDLED WITH
   2.2.16
